GEM
  remote: https://rubygems.org/
  specs:
    activesupport (4.0.2)
      i18n (~> 0.6, >= 0.6.4)
      minitest (~> 4.2)
      multi_json (~> 1.3)
      thread_safe (~> 0.1)
      tzinfo (~> 0.3.37)
    atomic (1.1.14)
    i18n (0.6.9)
    minitest (4.7.5)
    multi_json (1.8.4)
    mustache (0.99.5)
    rake (10.1.1)
    thread_safe (0.1.3)
      atomic
    tzinfo (0.3.38)

PLATFORMS
  ruby

DEPENDENCIES
  activesupport (4.1.11)
  mustache (~> 0.99.4)
  rake
